GEM
  remote: https://rubygems.org/
  specs:
    newrelic_rpm (7.2.0)

PLATFORMS
  x86_64-darwin-20

DEPENDENCIES
  newrelic_rpm

BUNDLED WITH
   2.2.22
