GEM
  remote: https://rubygems.org/
  specs:
    concurrent-ruby (1.2.2)
    datadog_thread_tracer (0.1.1)
      ddtrace (>= 1.0.0)
    ddtrace (1.10.1)
      debase-ruby_core_source (>= 0.10.16, <= 3.2.0)
      libdatadog (~> 2.0.0.1.0)
      libddwaf (~> 1.6.2.0.0)
      msgpack
    debase-ruby_core_source (3.2.0)
    diff-lcs (1.5.0)
    dogstatsd-ruby (5.5.0)
    dotenv (2.8.1)
    ffi (1.15.5)
    foreman (0.87.2)
    get_process_mem (0.2.7)
      ffi (~> 1.0)
    google-protobuf (3.22.3)
    libdatadog (2.0.0.1.0)
    libddwaf (1.6.2.0.0)
      ffi (~> 1.0)
    msgpack (1.7.0)
    mustermann (3.0.0)
      ruby2_keywords (~> 0.0.1)
    mysql2 (0.5.5)
    newrelic_rpm (9.2.0)
    nio4r (2.5.9)
    puma (6.2.2)
      nio4r (~> 2.0)
    puma_worker_killer (0.3.1)
      get_process_mem (~> 0.2)
      puma (>= 2.7)
    rack (2.2.6.4)
    rack-protection (3.0.6)
      rack
    rack-test (2.1.0)
      rack (>= 1.3)
    rspec (3.12.0)
      rspec-core (~> 3.12.0)
      rspec-expectations (~> 3.12.0)
      rspec-mocks (~> 3.12.0)
    rspec-core (3.12.2)
      rspec-support (~> 3.12.0)
    rspec-expectations (3.12.2)
      diff-lcs (>= 1.2.0, < 2.0)
      rspec-support (~> 3.12.0)
    rspec-its (1.3.0)
      rspec-core (>= 3.0.0)
      rspec-expectations (>= 3.0.0)
    rspec-mocks (3.12.5)
      diff-lcs (>= 1.2.0, < 2.0)
      rspec-support (~> 3.12.0)
    rspec-support (3.12.0)
    ruby2_keywords (0.0.5)
    sentry-ruby (5.8.0)
      concurrent-ruby (~> 1.0, >= 1.0.2)
    sinatra (3.0.6)
      mustermann (~> 3.0)
      rack (~> 2.2, >= 2.2.4)
      rack-protection (= 3.0.6)
      tilt (~> 2.0)
    tilt (2.1.0)

PLATFORMS
  ruby

DEPENDENCIES
  datadog_thread_tracer
  ddtrace (>= 1.0.0)
  dogstatsd-ruby
  dotenv
  foreman
  google-protobuf (~> 3.0)
  mysql2
  newrelic_rpm
  puma
  puma_worker_killer
  rack-test
  rspec
  rspec-its
  sentry-ruby
  sinatra

BUNDLED WITH
   2.4.10
